GEM
  remote: https://rubygems.org/
  specs:
    Platform (0.4.0)
    RedCloth (4.2.9)
    addressable (2.3.2)
    childprocess (0.3.8)
      ffi (~> 1.0, >= 1.0.11)
    columnize (0.3.6)
    cookiejar (0.3.0)
    daemons (1.1.9)
    debugger (1.3.1)
      columnize (>= 0.3.1)
      debugger-linecache (~> 1.1.1)
      debugger-ruby_core_source (~> 1.1.8)
    debugger-linecache (1.1.2)
      debugger-ruby_core_source (>= 1.1.1)
    debugger-ruby_core_source (1.1.8)
    diff-lcs (1.1.3)
    em-http-request (1.0.3)
      addressable (>= 2.2.3)
      cookiejar
      em-socksify
      eventmachine (>= 1.0.0.beta.4)
      http_parser.rb (>= 0.5.3)
    em-socksify (0.2.1)
      eventmachine (>= 1.0.0.beta.4)
    eventmachine (1.0.0)
    execjs (1.4.0)
      multi_json (~> 1.0)
    ffi (1.3.1)
    github-markup (0.7.5)
    http_parser.rb (0.5.3)
    jasmine (1.3.1)
      jasmine-core (~> 1.3.1)
      rack (~> 1.0)
      rspec (>= 1.3.1)
      selenium-webdriver (>= 0.1.3)
    jasmine-core (1.3.1)
    jshintrb (0.2.1)
      execjs
      multi_json (>= 1.3)
      rake
    json (1.7.6)
    libv8 (3.11.8.13)
    listen (0.7.2)
    multi_json (1.5.0)
    nginx_test_helper (0.1.0)
      popen4
    nokogiri (1.5.6)
    open4 (1.3.0)
    popen4 (0.1.2)
      Platform (>= 0.4.0)
      open4 (>= 0.4.0)
    rack (1.5.2)
    rake (10.0.3)
    rb-inotify (0.8.8)
      ffi (>= 0.5.0)
    ref (1.0.2)
    rspec (2.12.0)
      rspec-core (~> 2.12.0)
      rspec-expectations (~> 2.12.0)
      rspec-mocks (~> 2.12.0)
    rspec-core (2.12.2)
    rspec-expectations (2.12.1)
      diff-lcs (~> 1.1.3)
    rspec-mocks (2.12.2)
    rubyzip (0.9.9)
    selenium-webdriver (2.29.0)
      childprocess (>= 0.2.5)
      multi_json (~> 1.0)
      rubyzip
      websocket (~> 1.0.4)
    therubyracer (0.11.3)
      libv8 (~> 3.11.8.12)
      ref
    thin (1.5.1)
      daemons (>= 1.0.9)
      eventmachine (>= 0.12.6)
      rack (>= 1.0.0)
    websocket (1.0.7)

PLATFORMS
  ruby

DEPENDENCIES
  RedCloth (~> 4.2.9)
  debugger (~> 1.3.1)
  em-http-request (~> 1.0.3)
  github-markup (~> 0.7.5)
  jasmine (~> 1.3.1)
  jshintrb (~> 0.2.1)
  json (~> 1.7.6)
  listen (~> 0.7.2)
  nginx_test_helper (~> 0.1.0)
  nokogiri (~> 1.5.6)
  rake (~> 10.0.3)
  rb-inotify (~> 0.8.8)
  rspec (~> 2.12.0)
  therubyracer (~> 0.11.3)
  thin (~> 1.5.1)
